GEM
  remote: https://rubygems.org/
  specs:
    addressable (2.3.5)
    coffee-script (2.2.0)
      coffee-script-source
      execjs
    coffee-script-source (1.6.2)
    colored (1.2)
    cookiejar (0.3.0)
    daemons (1.1.9)
    dalli (2.6.4)
    diff-lcs (1.2.4)
    dotenv (0.8.0)
    em-http-request (1.1.1)
      addressable (>= 2.3.4)
      cookiejar
      em-socksify (>= 0.3)
      eventmachine (>= 1.0.3)
      http_parser.rb (>= 0.6.0.beta.2)
    em-socksify (0.3.0)
      eventmachine (>= 1.0.0.beta.4)
    em-twitter (0.3.0)
      eventmachine (~> 1.0)
      http_parser.rb (>= 0.6.0.beta.2, < 0.7)
      simple_oauth (~> 0.2)
    emoji_data (0.0.1)
      json
    eventmachine (1.0.3)
    execjs (1.4.0)
      multi_json (~> 1.0)
    faraday (0.8.8)
      multipart-post (~> 1.2.0)
    foreman (0.63.0)
      dotenv (>= 0.7)
      thor (>= 0.13.6)
    hiredis (0.4.5)
    http_parser.rb (0.6.0.beta.2)
    json (1.8.0)
    memcachier (0.0.2)
    multi_json (1.7.7)
    multipart-post (1.2.0)
    newrelic_rpm (3.6.4.122)
    oj (2.2.3)
    rack (1.5.2)
    rack-cache (1.2)
      rack (>= 0.4)
    rack-protection (1.5.0)
      rack
    redis (3.0.4)
    rspec (2.13.0)
      rspec-core (~> 2.13.0)
      rspec-expectations (~> 2.13.0)
      rspec-mocks (~> 2.13.0)
    rspec-core (2.13.1)
    rspec-expectations (2.13.0)
      diff-lcs (>= 1.1.3, < 2.0)
    rspec-mocks (2.13.1)
    sass (3.2.9)
    simple_oauth (0.2.0)
    sinatra (1.4.3)
      rack (~> 1.4)
      rack-protection (~> 1.4)
      tilt (~> 1.3, >= 1.3.4)
    slim (2.0.0)
      temple (~> 0.6.5)
      tilt (~> 1.3, >= 1.3.3)
    temple (0.6.5)
    thin (1.5.1)
      daemons (>= 1.0.9)
      eventmachine (>= 0.12.6)
      rack (>= 1.0.0)
    thor (0.18.1)
    tilt (1.4.1)
    tweetstream (2.6.0)
      daemons (~> 1.1)
      em-http-request (>= 1.1.1)
      em-twitter (~> 0.3)
      multi_json (~> 1.3)
      twitter (~> 4.8)
    twitter (4.8.1)
      faraday (~> 0.8, < 0.10)
      multi_json (~> 1.0)
      simple_oauth (~> 0.2)

PLATFORMS
  ruby

DEPENDENCIES
  coffee-script
  colored
  dalli (~> 2.6)
  emoji_data (~> 0.0.1)
  foreman
  hiredis (~> 0.4.5)
  memcachier
  newrelic_rpm
  oj (~> 2.2.3)
  rack-cache
  redis (~> 3.0.4)
  rspec (~> 2.13.0)
  sass
  sinatra (~> 1.4.3)
  slim (~> 2.0.0)
  thin (~> 1.5)
  tweetstream (~> 2.6.0)
