GEM
  remote: https://rubygems.org/
  specs:
    coffee-script (2.2.0)
      coffee-script-source
      execjs
    coffee-script-source (1.7.0)
    dalli (2.6.4)
    diff-lcs (1.2.5)
    dotenv (0.11.1)
      dotenv-deployment (~> 0.0.2)
    dotenv-deployment (0.0.2)
    emoji_data (0.1.0)
    execjs (2.0.2)
    foreman (0.75.0)
      dotenv (~> 0.11.1)
      thor (~> 0.19.1)
    hiredis (0.5.1)
    kgio (2.9.2)
    memcachier (0.0.2)
    newrelic_rpm (3.9.5.251)
    oj (2.9.9)
    rack (1.5.2)
    rack-cache (1.2)
      rack (>= 0.4)
    rack-protection (1.5.3)
      rack
    rack-timeout (0.0.4)
    raindrops (0.13.0)
    redis (3.0.7)
    rspec (2.14.1)
      rspec-core (~> 2.14.0)
      rspec-expectations (~> 2.14.0)
      rspec-mocks (~> 2.14.0)
    rspec-core (2.14.8)
    rspec-expectations (2.14.5)
      diff-lcs (>= 1.1.3, < 2.0)
    rspec-mocks (2.14.6)
    sass (3.2.18)
    sinatra (1.4.5)
      rack (~> 1.4)
      rack-protection (~> 1.4)
      tilt (~> 1.3, >= 1.3.4)
    slim (2.0.2)
      temple (~> 0.6.6)
      tilt (>= 1.3.3, < 2.1)
    temple (0.6.7)
    thor (0.19.1)
    tilt (1.4.1)
    unicorn (4.8.3)
      kgio (~> 2.6)
      rack
      raindrops (~> 0.7)

PLATFORMS
  ruby

DEPENDENCIES
  coffee-script (~> 2.2.0)
  dalli (~> 2.6.4)
  emoji_data (~> 0.1.0)
  foreman (~> 0.75.0)
  hiredis (~> 0.5.1)
  memcachier (~> 0.0.2)
  newrelic_rpm
  oj (~> 2.9.9)
  rack-cache (~> 1.2)
  rack-timeout (~> 0.0.4)
  redis (~> 3.0.6)
  rspec (~> 2.14.1)
  sass (~> 3.2.12)
  sinatra (~> 1.4.5)
  slim (~> 2.0.2)
  unicorn (~> 4.8.3)
