GEM
  remote: https://rubygems.org/
  specs:
    addressable (2.3.6)
    buftok (0.2.0)
    coffee-script (2.2.0)
      coffee-script-source
      execjs
    coffee-script-source (1.7.0)
    colored (1.2)
    cookiejar (0.3.2)
    daemons (1.1.9)
    dalli (2.6.4)
    diff-lcs (1.2.5)
    dotenv (0.10.0)
    em-http-request (1.1.2)
      addressable (>= 2.3.4)
      cookiejar
      em-socksify (>= 0.3)
      eventmachine (>= 1.0.3)
      http_parser.rb (>= 0.6.0)
    em-socksify (0.3.0)
      eventmachine (>= 1.0.0.beta.4)
    em-twitter (0.3.3)
      buftok (~> 0.2)
      eventmachine (~> 1.0)
      http_parser.rb (~> 0.6)
      simple_oauth (~> 0.2)
    emoji_data (0.0.3)
    eventmachine (1.0.3)
    execjs (2.0.2)
    faraday (0.9.0)
      multipart-post (>= 1.2, < 3)
    foreman (0.63.0)
      dotenv (>= 0.7)
      thor (>= 0.13.6)
    hiredis (0.5.1)
    http_parser.rb (0.6.0)
    memcachier (0.0.2)
    multi_json (1.9.2)
    multipart-post (2.0.0)
    newrelic_rpm (3.7.3.204)
    oj (2.6.1)
    rack (1.5.2)
    rack-cache (1.2)
      rack (>= 0.4)
    rack-protection (1.5.2)
      rack
    redis (3.0.7)
    rspec (2.14.1)
      rspec-core (~> 2.14.0)
      rspec-expectations (~> 2.14.0)
      rspec-mocks (~> 2.14.0)
    rspec-core (2.14.8)
    rspec-expectations (2.14.5)
      diff-lcs (>= 1.1.3, < 2.0)
    rspec-mocks (2.14.6)
    sass (3.2.18)
    simple_oauth (0.2.0)
    sinatra (1.4.4)
      rack (~> 1.4)
      rack-protection (~> 1.4)
      tilt (~> 1.3, >= 1.3.4)
    slim (2.0.2)
      temple (~> 0.6.6)
      tilt (>= 1.3.3, < 2.1)
    temple (0.6.7)
    thin (1.6.2)
      daemons (>= 1.0.9)
      eventmachine (>= 1.0.0)
      rack (>= 1.0.0)
    thor (0.19.1)
    tilt (1.4.1)
    tweetstream (2.6.0)
      daemons (~> 1.1)
      em-http-request (>= 1.1.1)
      em-twitter (~> 0.3)
      multi_json (~> 1.3)
      twitter (~> 4.8)
    twitter (4.8.1)
      faraday (~> 0.8, < 0.10)
      multi_json (~> 1.0)
      simple_oauth (~> 0.2)

PLATFORMS
  ruby

DEPENDENCIES
  coffee-script (~> 2.2.0)
  colored (~> 1.2)
  dalli (~> 2.6.4)
  emoji_data (~> 0.0.3)
  foreman (~> 0.63.0)
  hiredis (~> 0.5.1)
  memcachier (~> 0.0.2)
  newrelic_rpm
  oj (~> 2.6.1)
  rack-cache (~> 1.2)
  redis (~> 3.0.6)
  rspec (~> 2.14.1)
  sass (~> 3.2.12)
  sinatra (~> 1.4.4)
  slim (~> 2.0.2)
  thin (~> 1.6.2)
  tweetstream (~> 2.6.0)
  twitter (~> 4.8.1)
